GEM
  remote: https://rubygems.org/

PLATFORMS
  x86_64-darwin-20

DEPENDENCIES
  debug

RUBY VERSION
   ruby 3.1.0p0

BUNDLED WITH
   2.3.14